GEM
  remote: http://rubygems.org/
  specs:
    archive-tar-minitar (0.5.2)
    awesome_print (1.1.0)
    chef (11.4.0)
      erubis
      highline (>= 1.6.9)
      json (>= 1.4.4, <= 1.7.7)
      mixlib-authentication (>= 1.3.0)
      mixlib-cli (~> 1.3.0)
      mixlib-config (>= 1.1.2)
      mixlib-log (>= 1.3.0)
      mixlib-shellout
      net-ssh (~> 2.6)
      net-ssh-multi (~> 1.1.0)
      ohai (>= 0.6.0)
      rest-client (>= 1.0.4, < 1.7.0)
      yajl-ruby (~> 1.1)
    erubis (2.7.0)
    faraday (0.8.7)
      multipart-post (~> 1.1)
    github_api (0.9.7)
      faraday (~> 0.8.1)
      hashie (>= 1.2)
      multi_json (~> 1.4)
      nokogiri (~> 1.5.2)
      oauth2
    hashie (1.2.0)
    highline (1.6.16)
    httpauth (0.2.0)
    ipaddress (0.8.0)
    json (1.7.7)
    jwt (0.1.8)
      multi_json (>= 1.5)
    librarian (0.1.0)
      highline
      thor (~> 0.15)
    librarian-chef (0.0.1)
      archive-tar-minitar (>= 0.5.2)
      chef (>= 0.10)
      librarian (~> 0.1.0)
    mime-types (1.22)
    mixlib-authentication (1.3.0)
      mixlib-log
    mixlib-cli (1.3.0)
    mixlib-config (1.1.2)
    mixlib-log (1.6.0)
    mixlib-shellout (1.1.0)
    multi_json (1.8.0)
    multi_xml (0.5.5)
    multipart-post (1.2.0)
    net-ssh (2.6.6)
    net-ssh-gateway (1.2.0)
      net-ssh (>= 2.6.5)
    net-ssh-multi (1.1)
      net-ssh (>= 2.1.4)
      net-ssh-gateway (>= 0.99.0)
    nokogiri (1.5.10)
    oauth2 (0.9.1)
      faraday (~> 0.8)
      httpauth (~> 0.1)
      jwt (~> 0.1.4)
      multi_json (~> 1.0)
      multi_xml (~> 0.5)
      rack (~> 1.2)
    ohai (6.16.0)
      ipaddress
      mixlib-cli
      mixlib-config
      mixlib-log
      mixlib-shellout
      systemu
      yajl-ruby
    plist (3.1.0)
    rack (1.5.2)
    rest-client (1.6.7)
      mime-types (>= 1.16)
    soloist (1.0.1)
      awesome_print
      chef
      hashie (~> 1.2)
      librarian-chef
      net-ssh
      thor
    systemu (2.5.2)
    thor (0.18.1)
    yajl-ruby (1.1.0)

PLATFORMS
  ruby

DEPENDENCIES
  github_api
  plist
  soloist
